GEM
  remote: https://rubygems.org/
  specs:
    mini_portile2 (2.1.0)
    minidown (2.1.1)
    nokogiri (1.7.1)
      mini_portile2 (~> 2.1.0)

PLATFORMS
  ruby

DEPENDENCIES
  minidown
  nokogiri

BUNDLED WITH
   1.14.6
